PATH
  remote: .
  specs:
    wordexp (0.2.0)

GEM
  remote: https://rubygems.org/
  specs:
    ansi (1.5.0)
    ast (2.4.2)
    builder (3.3.0)
    json (2.7.2)
    language_server-protocol (3.17.0.3)
    minitest (5.25.0)
    minitest-ci (3.4.0)
      minitest (>= 5.0.6)
    minitest-reporters (1.7.1)
      ansi
      builder
      minitest (>= 5.0)
      ruby-progressbar
    parallel (1.26.2)
    parser (3.3.4.2)
      ast (~> 2.4.1)
      racc
    racc (1.8.1)
    rainbow (3.1.1)
    rake (13.2.1)
    rake-compiler (1.2.7)
      rake
    regexp_parser (2.9.2)
    rexml (3.3.5)
      strscan
    rubocop (1.65.1)
      json (~> 2.3)
      language_server-protocol (>= 3.17.0)
      parallel (~> 1.10)
      parser (>= 3.3.0.2)
      rainbow (>= 2.2.2, < 4.0)
      regexp_parser (>= 2.4, < 3.0)
      rexml (>= 3.2.5, < 4.0)
      rubocop-ast (>= 1.31.1, < 2.0)
      ruby-progressbar (~> 1.7)
      unicode-display_width (>= 2.4.0, < 3.0)
    rubocop-ast (1.32.0)
      parser (>= 3.3.1.0)
    rubocop-minitest (0.35.1)
      rubocop (>= 1.61, < 2.0)
      rubocop-ast (>= 1.31.1, < 2.0)
    rubocop-packaging (0.5.2)
      rubocop (>= 1.33, < 2.0)
    rubocop-performance (1.21.1)
      rubocop (>= 1.48.1, < 2.0)
      rubocop-ast (>= 1.31.1, < 2.0)
    rubocop-rake (0.6.0)
      rubocop (~> 1.0)
    ruby-progressbar (1.13.0)
    strscan (3.1.0)
    unicode-display_width (2.5.0)

PLATFORMS
  arm64-darwin-21
  arm64-darwin-22
  arm64-darwin-23
  arm64-darwin-24
  x86_64-linux

DEPENDENCIES
  minitest (~> 5.20)
  minitest-ci (~> 3.4)
  minitest-reporters (~> 1.6)
  rake (~> 13.2)
  rake-compiler (~> 1.2)
  rubocop (= 1.65.1)
  rubocop-minitest (= 0.35.1)
  rubocop-packaging (= 0.5.2)
  rubocop-performance (= 1.21.1)
  rubocop-rake (= 0.6.0)
  wordexp!

BUNDLED WITH
   2.5.17
