PATH
  remote: .
  specs:
    wordexp (0.1.2)

GEM
  remote: https://rubygems.org/
  specs:
    ansi (1.5.0)
    ast (2.4.2)
    builder (3.2.4)
    json (2.6.3)
    minitest (5.18.0)
    minitest-ci (3.4.0)
      minitest (>= 5.0.6)
    minitest-reporters (1.6.0)
      ansi
      builder
      minitest (>= 5.0)
      ruby-progressbar
    parallel (1.23.0)
    parser (3.2.2.1)
      ast (~> 2.4.1)
    rainbow (3.1.1)
    rake (13.0.6)
    rake-compiler (1.2.1)
      rake
    regexp_parser (2.8.0)
    rexml (3.2.5)
    rubocop (1.48.1)
      json (~> 2.3)
      parallel (~> 1.10)
      parser (>= 3.2.0.0)
      rainbow (>= 2.2.2, < 4.0)
      regexp_parser (>= 1.8, < 3.0)
      rexml (>= 3.2.5, < 4.0)
      rubocop-ast (>= 1.26.0, < 2.0)
      ruby-progressbar (~> 1.7)
      unicode-display_width (>= 2.4.0, < 3.0)
    rubocop-ast (1.28.0)
      parser (>= 3.2.1.0)
    rubocop-minitest (0.30.0)
      rubocop (>= 1.39, < 2.0)
    rubocop-packaging (0.5.2)
      rubocop (>= 1.33, < 2.0)
    rubocop-performance (1.16.0)
      rubocop (>= 1.7.0, < 2.0)
      rubocop-ast (>= 0.4.0)
    rubocop-rake (0.6.0)
      rubocop (~> 1.0)
    ruby-progressbar (1.13.0)
    unicode-display_width (2.4.2)

PLATFORMS
  arm64-darwin-21
  arm64-darwin-22
  x86_64-linux

DEPENDENCIES
  minitest (~> 5.16)
  minitest-ci (~> 3.4)
  minitest-reporters (~> 1.3)
  rake (~> 13.0)
  rake-compiler (~> 1.2)
  rubocop (= 1.48.1)
  rubocop-minitest (= 0.30.0)
  rubocop-packaging (= 0.5.2)
  rubocop-performance (= 1.16.0)
  rubocop-rake (= 0.6.0)
  wordexp!

BUNDLED WITH
   2.4.6
